GEM
  remote: https://www.rubygems.org/
  specs:
    daybreak (0.3.0)
    haml (4.0.5)
      tilt
    mini_exiftool (2.4.2)
    rack (1.5.2)
    rack-protection (1.5.3)
      rack
    sinatra (1.4.5)
      rack (~> 1.4)
      rack-protection (~> 1.4)
      tilt (~> 1.3, >= 1.3.4)
    tilt (1.4.1)

PLATFORMS
  ruby

DEPENDENCIES
  daybreak
  haml
  mini_exiftool
  sinatra
