GIT
  remote: https://github.com/devrandom/net_dav.git
  revision: 6f748e8282aa26d9dc7214c1e0f3a4fcf09e6ae4
  specs:
    net_dav (0.5.0)
      nokogiri (>= 1.3.0)

GEM
  remote: https://www.rubygems.org/
  specs:
    curb (0.8.6)
    daemons (1.1.9)
    daybreak (0.3.0)
    eventmachine (1.0.3)
    mime-types (2.3)
    mini_exiftool (2.4.2)
    mini_portile (0.6.0)
    netrc (0.7.7)
    nokogiri (1.6.3.1)
      mini_portile (= 0.6.0)
    rack (1.5.2)
    rack-protection (1.5.3)
      rack
    rest-client (1.7.2)
      mime-types (>= 1.16, < 3.0)
      netrc (~> 0.7)
    sinatra (1.4.5)
      rack (~> 1.4)
      rack-protection (~> 1.4)
      tilt (~> 1.3, >= 1.3.4)
    slim (2.1.0)
      temple (~> 0.6.9)
      tilt (>= 1.3.3, < 2.1)
    temple (0.6.9)
    thin (1.6.3)
      daemons (~> 1.0, >= 1.0.9)
      eventmachine (~> 1.0)
      rack (~> 1.0)
    tilt (1.4.1)

PLATFORMS
  ruby

DEPENDENCIES
  curb
  daybreak
  mini_exiftool
  net_dav!
  rest-client
  sinatra
  slim
  thin
