GEM
  remote: https://www.rubygems.org/
  specs:
    daemons (1.1.9)
    daybreak (0.3.0)
    eventmachine (1.0.3)
    haml (4.0.5)
      tilt
    mime-types (2.3)
    mini_exiftool (2.4.2)
    netrc (0.7.7)
    rack (1.5.2)
    rack-protection (1.5.3)
      rack
    rest-client (1.7.2)
      mime-types (>= 1.16, < 3.0)
      netrc (~> 0.7)
    sinatra (1.4.5)
      rack (~> 1.4)
      rack-protection (~> 1.4)
      tilt (~> 1.3, >= 1.3.4)
    thin (1.6.3)
      daemons (~> 1.0, >= 1.0.9)
      eventmachine (~> 1.0)
      rack (~> 1.0)
    tilt (1.4.1)

PLATFORMS
  ruby

DEPENDENCIES
  daybreak
  haml
  mini_exiftool
  rest-client
  sinatra
  thin
